GIT
  remote: git://github.com/rubymotion/BubbleWrap.git
  revision: c1b1e6e72edda3c36e437c0567d8472a872e671a
  specs:
    bubble-wrap (1.2.0)

GEM
  remote: https://rubygems.org/
  specs:
    motion-redgreen (0.1.0)
    rake (13.0.1)

PLATFORMS
  ruby

DEPENDENCIES
  bubble-wrap (~> 1.2.0)!
  motion-redgreen
  rake
